PATH
  remote: .
  specs:
    atlas_rb (0.0.45)
      faraday (~> 2.7)
      faraday-follow_redirects (~> 0.3.0)
      faraday-multipart (~> 1)

GEM
  remote: https://rubygems.org/
  specs:
    diff-lcs (1.5.0)
    faraday (2.9.0)
      faraday-net_http (>= 2.0, < 3.2)
    faraday-follow_redirects (0.3.0)
      faraday (>= 1, < 3)
    faraday-multipart (1.0.4)
      multipart-post (~> 2)
    faraday-net_http (3.1.0)
      net-http
    multipart-post (2.3.0)
    net-http (0.4.1)
      uri
    rake (13.0.6)
    rspec (3.12.0)
      rspec-core (~> 3.12.0)
      rspec-expectations (~> 3.12.0)
      rspec-mocks (~> 3.12.0)
    rspec-core (3.12.2)
      rspec-support (~> 3.12.0)
    rspec-expectations (3.12.3)
      diff-lcs (>= 1.2.0, < 2.0)
      rspec-support (~> 3.12.0)
    rspec-mocks (3.12.6)
      diff-lcs (>= 1.2.0, < 2.0)
      rspec-support (~> 3.12.0)
    rspec-support (3.12.1)
    uri (0.13.0)

PLATFORMS
  x86_64-linux

DEPENDENCIES
  atlas_rb!
  rake (~> 13.0)
  rspec (~> 3.0)

BUNDLED WITH
   2.2.33
